GIT
  remote: git://github.com/gkellogg/github-api-client.git
  revision: 6d8313c849c0cc0417511509d60b8988c5246d9e
  branch: gkellogg
  specs:
    github-api-client (0.3.0)
      activerecord (>= 3.0.3)
      activesupport (>= 3.0.3)
      rainbow
      sqlite3-ruby

PATH
  remote: .
  specs:
    github-lod (0.0.1)
      activerecord (>= 3.0.3)
      activerecord (~> 3.0.3)
      activesupport (>= 3.0.3)
      activesupport (~> 3.0.3)
      equivalent-xml (>= 0.2.8)
      erubis (>= 2.7.0)
      github-api-client (>= 0.3.0)
      linkeddata (>= 0.3.4)
      rack (>= 1.3.1)
      rainbow
      rdf-xsd (>= 0.3.4)
      sinatra (>= 1.3.1)
      sinatra-linkeddata (>= 0.3.0)
      sinatra-respond_to (>= 0.8.0)
      sqlite3-ruby

GEM
  remote: http://rubygems.org/
  specs:
    activemodel (3.0.11)
      activesupport (= 3.0.11)
      builder (~> 2.1.2)
      i18n (~> 0.5.0)
    activerecord (3.0.11)
      activemodel (= 3.0.11)
      activesupport (= 3.0.11)
      arel (~> 2.0.10)
      tzinfo (~> 0.3.23)
    activesupport (3.0.11)
    addressable (2.2.6)
    arel (2.0.10)
    builder (2.1.2)
    diff-lcs (1.1.3)
    equivalent-xml (0.2.8)
      nokogiri (>= 1.4.3)
    erubis (2.7.0)
    facets (2.9.2)
    haml (3.1.4)
    htmlentities (4.3.1)
    i18n (0.5.0)
    json (1.6.3)
    json-ld (0.0.8)
      json (>= 1.5.1)
      rdf (>= 0.3.4)
    json_pure (1.6.3)
    linkeddata (0.3.4)
      json-ld (>= 0.0.7)
      rdf (>= 0.3.4)
      rdf-isomorphic (>= 0.3.4)
      rdf-json (>= 0.3.0)
      rdf-microdata (>= 0.2.2)
      rdf-n3 (>= 0.3.6)
      rdf-rdfa (>= 0.3.7)
      rdf-rdfxml (>= 0.3.5)
      rdf-trix (>= 0.3.0)
      rdf-turtle (>= 0.1.0)
    nokogiri (1.5.0)
    rack (1.3.5)
    rack-linkeddata (0.3.0)
      linkeddata (~> 0.3.0)
      rack (>= 1.0)
    rack-protection (1.1.4)
      rack
    rainbow (1.1.2)
    rdf (0.3.4.1)
      addressable (>= 2.2.6)
    rdf-isomorphic (0.3.4)
      rdf (>= 0.2.3)
    rdf-json (0.3.0)
      json_pure (>= 1.4.2)
      rdf (~> 0.3.0)
    rdf-microdata (0.2.3.1)
      htmlentities (>= 4.3.0)
      json (>= 1.6.1)
      rdf (>= 0.3.4)
      rdf-xsd (>= 0.3.4)
    rdf-n3 (0.3.6)
      rdf (>= 0.3.4)
    rdf-rdfa (0.3.8)
      facets (>= 2.9.1)
      haml (>= 3.0.0)
      htmlentities (>= 4.3.0)
      rdf (>= 0.3.3)
      rdf-xsd (>= 0.3.5)
    rdf-rdfxml (0.3.5)
      nokogiri (>= 1.4.4)
      rdf (>= 0.3.4)
    rdf-trix (0.3.0)
      rdf (~> 0.3.0)
    rdf-turtle (0.1.0)
      rdf (>= 0.3.4)
    rdf-xsd (0.3.5)
      nokogiri (>= 1.5.0)
      rdf (>= 0.3.4)
    rspec (2.7.0)
      rspec-core (~> 2.7.0)
      rspec-expectations (~> 2.7.0)
      rspec-mocks (~> 2.7.0)
    rspec-core (2.7.1)
    rspec-expectations (2.7.0)
      diff-lcs (~> 1.1.2)
    rspec-mocks (2.7.0)
    shotgun (0.9)
      rack (>= 1.0)
    sinatra (1.3.1)
      rack (~> 1.3, >= 1.3.4)
      rack-protection (~> 1.1, >= 1.1.2)
      tilt (~> 1.3, >= 1.3.3)
    sinatra-linkeddata (0.3.0)
      rack-linkeddata (~> 0.3.0)
      sinatra (>= 1.0)
    sinatra-respond_to (0.8.0)
      sinatra (~> 1.3)
    sqlite3 (1.3.5)
    sqlite3-ruby (1.3.3)
      sqlite3 (>= 1.3.3)
    tilt (1.3.3)
    tzinfo (0.3.31)
    wirble (0.1.3)

PLATFORMS
  ruby

DEPENDENCIES
  github-api-client!
  github-lod!
  rspec (>= 1.3.5)
  shotgun
  wirble
